GEM
  remote: https://rubygems.org/
  specs:
    redcarpet (3.6.0)
    yard (0.9.34)

PLATFORMS
  x86_64-darwin-22

DEPENDENCIES
  redcarpet
  yard

BUNDLED WITH
   2.3.26
